GEM
  remote: http://rubygems.org/
  specs:
    daemons (1.1.8)
    eventmachine (0.12.10)
    foreman (0.45.0)
      thor (>= 0.13.6)
    rack (1.4.1)
    thin (1.3.1)
      daemons (>= 1.0.9)
      eventmachine (>= 0.12.6)
      rack (>= 1.0.0)
    thor (0.14.6)

PLATFORMS
  ruby

DEPENDENCIES
  foreman
  rack
  thin
